PATH
  remote: .
  specs:
    guest_distance_calculator (0.1.0)

GEM
  remote: https://rubygems.org/
  specs:
    rake (13.2.1)
    rake-compiler (1.2.8)
      rake
    rb_sys (0.9.102)

PLATFORMS
  ruby
  x86_64-linux

DEPENDENCIES
  guest_distance_calculator!
  rake (~> 13.0)
  rake-compiler
  rb_sys (~> 0.9.63)

BUNDLED WITH
   2.5.14
